PATH
  remote: .
  specs:
    taskmapper (1.0.1)
      activeresource (~> 3.2)
      activesupport (>= 3.2, < 7.0)
      hashie (~> 2.0)

GEM
  remote: https://rubygems.org/
  specs:
    activemodel (3.2.22.5)
      activesupport (= 3.2.22.5)
      builder (~> 3.0.0)
    activeresource (3.2.22.5)
      activemodel (= 3.2.22.5)
      activesupport (= 3.2.22.5)
    activesupport (3.2.22.5)
      i18n (~> 0.6, >= 0.6.4)
      multi_json (~> 1.0)
    builder (3.0.4)
    concurrent-ruby (1.1.5)
    diff-lcs (1.2.4)
    hashie (2.1.2)
    i18n (0.9.5)
      concurrent-ruby (~> 1.0)
    json (1.8.0)
    multi_json (1.14.0)
    rake (10.0.4)
    rdoc (4.0.1)
      json (~> 1.4)
    rspec (2.14.1)
      rspec-core (~> 2.14.0)
      rspec-expectations (~> 2.14.0)
      rspec-mocks (~> 2.14.0)
    rspec-core (2.14.5)
    rspec-expectations (2.14.2)
      diff-lcs (>= 1.1.3, < 2.0)
    rspec-mocks (2.14.3)

PLATFORMS
  ruby

DEPENDENCIES
  rake
  rdoc (~> 4.0)
  rspec (~> 2.14.1)
  taskmapper!
